GEM
  remote: https://rubygems.org/
  specs:
    bond (0.5.1)
    coderay (1.1.1)
    faraday (0.9.2)
      multipart-post (>= 1.2, < 3)
    json (1.8.3)
    method_source (0.8.2)
    multipart-post (2.0.0)
    pry (0.10.3)
      coderay (~> 1.1.0)
      method_source (~> 0.8.1)
      slop (~> 3.4)
    rack (1.6.4)
    rack-protection (1.5.3)
      rack
    rack-test (0.6.3)
      rack (>= 1.0)
    ripl (0.7.1)
      bond (~> 0.5.1)
    ripl-multi_line (0.3.1)
      ripl (>= 0.3.6)
    ripl-rack (0.2.1)
      rack (>= 1.0)
      rack-test (~> 0.6.2)
      ripl (>= 0.7.0)
    shotgun (0.9.1)
      rack (>= 1.0)
    sinatra (1.4.7)
      rack (~> 1.5)
      rack-protection (~> 1.4)
      tilt (>= 1.3, < 3)
    slop (3.6.0)
    tilt (2.0.5)
    tux (0.3.0)
      ripl (>= 0.3.5)
      ripl-multi_line (>= 0.2.4)
      ripl-rack (>= 0.2.0)
      sinatra (>= 1.2.1)
    yummly (0.0.13)
      faraday (>= 0.8.7)
      json (~> 1.8.0)
      rack (>= 1.4.5)

PLATFORMS
  ruby

DEPENDENCIES
  pry
  shotgun
  sinatra
  tux
  yummly

BUNDLED WITH
   1.12.5
